GIT
  remote: git://github.com/Mehonoshin/omni_scrapper.git
  revision: 7e133880d030aece2fbbcc7bbe9c11c622c575fc
  specs:
    omni_scrapper (2.0.0.beta1)
      ferrum
      json-schema
      mechanize

GEM
  remote: https://rubygems.org/
  specs:
    addressable (2.7.0)
      public_suffix (>= 2.0.2, < 5.0)
    cliver (0.3.2)
    coderay (1.1.2)
    concurrent-ruby (1.1.5)
    connection_pool (2.2.2)
    domain_name (0.5.20190701)
      unf (>= 0.0.5, < 1.0.0)
    ferrum (0.6.2)
      addressable (~> 2.6)
      cliver (~> 0.3)
      concurrent-ruby (~> 1.1)
      websocket-driver (>= 0.6, < 0.8)
    http-cookie (1.0.3)
      domain_name (~> 0.5)
    json-schema (2.8.1)
      addressable (>= 2.4)
    mechanize (2.7.6)
      domain_name (~> 0.5, >= 0.5.1)
      http-cookie (~> 1.0)
      mime-types (>= 1.17.2)
      net-http-digest_auth (~> 1.1, >= 1.1.1)
      net-http-persistent (>= 2.5.2)
      nokogiri (~> 1.6)
      ntlm-http (~> 0.1, >= 0.1.1)
      webrobots (>= 0.0.9, < 0.2)
    method_source (0.9.2)
    mime-types (3.3)
      mime-types-data (~> 3.2015)
    mime-types-data (3.2019.1009)
    mini_portile2 (2.6.1)
    net-http-digest_auth (1.4.1)
    net-http-persistent (3.1.0)
      connection_pool (~> 2.2)
    nokogiri (1.12.5)
      mini_portile2 (~> 2.6.1)
      racc (~> 1.4)
    ntlm-http (0.1.1)
    pry (0.12.2)
      coderay (~> 1.1.0)
      method_source (~> 0.9.0)
    public_suffix (4.0.1)
    racc (1.5.2)
    unf (0.1.4)
      unf_ext
    unf_ext (0.0.7.4)
    webrobots (0.1.2)
    websocket-driver (0.7.1)
      websocket-extensions (>= 0.1.0)
    websocket-extensions (0.1.4)

PLATFORMS
  ruby

DEPENDENCIES
  nokogiri (= 1.12.5)
  omni_scrapper!
  pry
  unf_ext (= 0.0.7.4)

BUNDLED WITH
   1.17.3
